PATH
  remote: .
  specs:
    lsit (0.0.1)
      cabin (>= 0.6.0)
      clamp
      minitest
      pry
      rspec (~> 2.14.0)
      stud

GEM
  remote: http://rubygems.org/
  specs:
    cabin (0.6.1)
    clamp (0.6.3)
    coderay (1.1.0)
    diff-lcs (1.2.5)
    ffi (1.9.6-java)
    method_source (0.8.2)
    minitest (5.4.3)
    pry (0.10.1-java)
      coderay (~> 1.1.0)
      method_source (~> 0.8.1)
      slop (~> 3.4)
      spoon (~> 0.0)
    rspec (2.14.1)
      rspec-core (~> 2.14.0)
      rspec-expectations (~> 2.14.0)
      rspec-mocks (~> 2.14.0)
    rspec-core (2.14.8)
    rspec-expectations (2.14.5)
      diff-lcs (>= 1.1.3, < 2.0)
    rspec-mocks (2.14.6)
    slop (3.6.0)
    spoon (0.0.4)
      ffi
    stud (0.0.18)

PLATFORMS
  java

DEPENDENCIES
  lsit!
