PATH
  remote: .
  specs:
    lsit (0.0.1)
      minitest
      rspec (~> 2.14.0)

GEM
  remote: http://rubygems.org/
  specs:
    diff-lcs (1.2.5)
    minitest (5.4.3)
    rspec (2.14.1)
      rspec-core (~> 2.14.0)
      rspec-expectations (~> 2.14.0)
      rspec-mocks (~> 2.14.0)
    rspec-core (2.14.8)
    rspec-expectations (2.14.5)
      diff-lcs (>= 1.1.3, < 2.0)
    rspec-mocks (2.14.6)

PLATFORMS
  java

DEPENDENCIES
  lsit!
